GEM
  remote: https://rubygems.org/
  specs:
    addressable (2.6.0)
      public_suffix (>= 2.0.2, < 4.0)
    adomain (0.1.1)
      addressable (~> 2.5)
    arachnid2 (0.2.0)
      addressable
      adomain
      bloomfilter-rb
      nokogiri
      typhoeus
    bloomfilter-rb (2.1.1)
      redis
    ethon (0.12.0)
      ffi (>= 1.3.0)
    ffi (1.10.0)
    mini_portile2 (2.8.0)
    nokogiri (1.13.4)
      mini_portile2 (~> 2.8.0)
      racc (~> 1.4)
    public_suffix (3.0.3)
    racc (1.6.0)
    redis (4.1.0)
    typhoeus (1.3.1)
      ethon (>= 0.9.0)

PLATFORMS
  ruby

DEPENDENCIES
  arachnid2

BUNDLED WITH
   1.17.3
