GEM
  remote: https://rubygems.org/
  specs:
    addressable (2.6.0)
      public_suffix (>= 2.0.2, < 4.0)
    adomain (0.1.1)
      addressable (~> 2.5)
    arachnid2 (0.2.0)
      addressable
      adomain
      bloomfilter-rb
      nokogiri
      typhoeus
    bloomfilter-rb (2.1.1)
      redis
    coderay (1.1.2)
    ethon (0.12.0)
      ffi (>= 1.3.0)
    ffi (1.10.0)
    method_source (0.9.2)
    mini_portile2 (2.4.0)
    nokogiri (1.10.1)
      mini_portile2 (~> 2.4.0)
    oj (2.18.5)
    pragmatic_tokenizer (3.0.7)
      unicode
    pry (0.12.2)
      coderay (~> 1.1.0)
      method_source (~> 0.9.0)
    public_suffix (3.0.3)
    redis (4.1.0)
    typhoeus (1.3.1)
      ethon (>= 0.9.0)
    unicode (0.4.4.4)
    yandex_mystem (3.0.1)
      oj (~> 2.11)

PLATFORMS
  ruby

DEPENDENCIES
  arachnid2
  pragmatic_tokenizer
  pry
  yandex_mystem

BUNDLED WITH
   1.17.3
